PATH
  remote: .
  specs:
    tokendispatcher (0.1.1)
      eventmachine (= 1.0.4)

GEM
  remote: https://rubygems.org/
  specs:
    eventmachine (1.0.4)

PLATFORMS
  ruby

DEPENDENCIES
  tokendispatcher!
